GEM
  remote: https://rubygems.org/
  specs:
    benchmark-ips (2.7.2)
    crack (0.4.3)
      safe_yaml (~> 1.0.0)
    json_pure (2.2.0)
    oj (3.10.6)
    safe_yaml (1.0.5)
    yajl-ruby (1.4.1)

PLATFORMS
  ruby

DEPENDENCIES
  benchmark-ips (~> 2.7)
  crack (~> 0.4)
  json_pure (~> 2.2)
  oj (~> 3.10)
  yajl-ruby (~> 1.4)

RUBY VERSION
   ruby 2.6.5p114

BUNDLED WITH
   2.0.2
