GEM
  remote: https://rubygems.org/
  specs:
    benchmark-ips (2.8.4)
    crack (0.4.5)
      rexml
    json_pure (2.5.1)
    oj (3.11.0)
    rexml (3.2.4)
    yajl-ruby (1.4.1)

PLATFORMS
  ruby

DEPENDENCIES
  benchmark-ips (~> 2.8)
  crack (~> 0.4)
  json_pure (~> 2.5)
  oj (~> 3.11)
  yajl-ruby (~> 1.4)

RUBY VERSION
   ruby 3.0.0p0

BUNDLED WITH
   2.2.3
